PATH
  remote: .
  specs:
    mailman (0.4.0)
      activesupport (>= 2.3.4)
      fssm (>= 0.1.4)
      i18n (>= 0.4.1)
      mail (>= 2.0.3)
      maildir (>= 0.5.0)
      rack (>= 1.2.1)

GEM
  remote: http://rubygems.org/
  specs:
    activesupport (3.0.0)
    fssm (0.1.4)
    i18n (0.4.1)
    mail (2.2.6.1)
      activesupport (>= 2.3.6)
      mime-types
      treetop (>= 1.4.5)
    maildir (0.6.0)
    mime-types (1.16)
    polyglot (0.3.1)
    rack (1.2.1)
    rspec (1.3.0)
    treetop (1.4.8)
      polyglot (>= 0.3.1)

PLATFORMS
  java
  ruby

DEPENDENCIES
  activesupport (>= 2.3.4)
  fssm (>= 0.1.4)
  i18n (>= 0.4.1)
  mail (>= 2.0.3)
  maildir (>= 0.5.0)
  mailman!
  rack (>= 1.2.1)
  rspec
